PATH
  remote: .
  specs:
    kindle (0.5.0)
      highline
      mechanize
      methadone
      nokogiri

GEM
  remote: http://rubygems.org/
  specs:
    aruba (0.4.9)
      childprocess (>= 0.2.3)
      cucumber (>= 1.1.1)
      ffi (= 1.0.11)
      rspec (>= 2.7.0)
    builder (3.0.0)
    childprocess (0.2.3)
      ffi (~> 1.0.6)
    cucumber (1.1.4)
      builder (>= 2.1.2)
      diff-lcs (>= 1.1.2)
      gherkin (~> 2.7.1)
      json (>= 1.4.6)
      term-ansicolor (>= 1.0.6)
    diff-lcs (1.1.3)
    ffi (1.0.11)
    gherkin (2.7.1)
      json (>= 1.4.6)
    highline (1.6.8)
    json (1.6.3)
    mechanize (2.0.1)
      net-http-digest_auth (~> 1.1, >= 1.1.1)
      net-http-persistent (~> 1.8)
      nokogiri (~> 1.4)
      webrobots (~> 0.0, >= 0.0.9)
    methadone (0.3.4)
      bundler
    net-http-digest_auth (1.2)
    net-http-persistent (1.9)
    nokogiri (1.5.0)
    rake (0.9.2.2)
    rdoc (3.12)
      json (~> 1.4)
    rspec (2.7.0)
      rspec-core (~> 2.7.0)
      rspec-expectations (~> 2.7.0)
      rspec-mocks (~> 2.7.0)
    rspec-core (2.7.1)
    rspec-expectations (2.7.0)
      diff-lcs (~> 1.1.2)
    rspec-mocks (2.7.0)
    term-ansicolor (1.0.7)
    webrobots (0.0.12)
      nokogiri (>= 1.4.4)

PLATFORMS
  ruby

DEPENDENCIES
  aruba
  highline
  kindle!
  mechanize
  nokogiri
  rake (~> 0.9.2)
  rdoc
  rspec
